GEM
  remote: https://rubygems.org/
  specs:
    RedCloth (4.2.9)
    blankslate (2.1.2.4)
    classifier (1.3.4)
      fast-stemmer (>= 1.0.0)
    colorator (0.1)
    colored (1.2)
    commander (4.1.5)
      highline (~> 1.6.11)
    ethon (0.6.2)
      ffi (>= 1.3.0)
      mime-types (~> 1.18)
    fast-stemmer (1.0.2)
    ffi (1.9.3)
    github-pages (14)
      RedCloth (= 4.2.9)
      jekyll (= 1.4.3)
      kramdown (= 1.3.1)
      liquid (= 2.5.5)
      maruku (= 0.7.0)
      rdiscount (= 2.1.7)
      redcarpet (= 2.3.0)
    highline (1.6.20)
    html-proofer (0.5.0)
      colored (~> 1.2)
      mercenary (~> 0.2.0)
      nokogiri (~> 1.6.0)
      typhoeus (~> 0.6.7)
    jekyll (1.4.3)
      classifier (~> 1.3)
      colorator (~> 0.1)
      commander (~> 4.1.3)
      liquid (~> 2.5.5)
      listen (~> 1.3)
      maruku (~> 0.7.0)
      pygments.rb (~> 0.5.0)
      redcarpet (~> 2.3.0)
      safe_yaml (~> 0.9.7)
      toml (~> 0.1.0)
    kramdown (1.3.1)
    liquid (2.5.5)
    listen (1.3.1)
      rb-fsevent (>= 0.9.3)
      rb-inotify (>= 0.9)
      rb-kqueue (>= 0.2)
    maruku (0.7.0)
    mercenary (0.2.1)
    mime-types (1.25.1)
    mini_portile (0.5.2)
    nokogiri (1.6.1)
      mini_portile (~> 0.5.0)
    parslet (1.5.0)
      blankslate (~> 2.0)
    posix-spawn (0.3.8)
    pygments.rb (0.5.4)
      posix-spawn (~> 0.3.6)
      yajl-ruby (~> 1.1.0)
    rake (10.1.1)
    rb-fsevent (0.9.4)
    rb-inotify (0.9.3)
      ffi (>= 0.5.0)
    rb-kqueue (0.2.0)
      ffi (>= 0.5.0)
    rdiscount (2.1.7)
    redcarpet (2.3.0)
    safe_yaml (0.9.7)
    toml (0.1.0)
      parslet (~> 1.5.0)
    typhoeus (0.6.7)
      ethon (~> 0.6.2)
    yajl-ruby (1.1.0)

PLATFORMS
  ruby

DEPENDENCIES
  github-pages
  html-proofer
  rake
